GEM
  remote: http://rubygems.org/
  specs:
    haml (4.0.3)
      tilt
    rake (10.1.0)
    sass (3.2.12)
    tilt (1.4.1)

PLATFORMS
  ruby

DEPENDENCIES
  haml
  rake
  sass
